PATH
  remote: .
  specs:
    mongoid-autoinc (0.1.2)
      activesupport
      bson_ext
      mongoid (~> 3.0.0)
      rake
      rspec

GEM
  remote: http://rubygems.org/
  specs:
    activemodel (3.2.9)
      activesupport (= 3.2.9)
      builder (~> 3.0.0)
    activesupport (3.2.9)
      i18n (~> 0.6)
      multi_json (~> 1.0)
    bson (1.6.4)
    bson_ext (1.6.4)
      bson (~> 1.6.4)
    builder (3.0.4)
    diff-lcs (1.1.3)
    foreman (0.60.2)
      thor (>= 0.13.6)
    i18n (0.6.1)
    mongoid (3.0.13)
      activemodel (~> 3.1)
      moped (~> 1.1)
      origin (~> 1.0)
      tzinfo (~> 0.3.22)
    moped (1.3.0)
    multi_json (1.3.7)
    origin (1.0.10)
    rake (0.9.2.2)
    rspec (2.10.0)
      rspec-core (~> 2.10.0)
      rspec-expectations (~> 2.10.0)
      rspec-mocks (~> 2.10.0)
    rspec-core (2.10.1)
    rspec-expectations (2.10.0)
      diff-lcs (~> 1.1.3)
    rspec-mocks (2.10.1)
    thor (0.16.0)
    tzinfo (0.3.35)

PLATFORMS
  ruby

DEPENDENCIES
  foreman
  mongoid-autoinc!
